GEM
  remote: https://rubygems.org/
  specs:
    coderay (1.1.3)
    diff-lcs (1.4.4)
    docker-api (2.1.0)
      excon (>= 0.47.0)
      multi_json
    excon (0.80.1)
    git (1.8.1)
      rchardet (~> 1.8)
    method_source (1.0.0)
    multi_json (1.15.0)
    pry (0.14.0)
      coderay (~> 1.1)
      method_source (~> 1.0)
    rchardet (1.8.0)
    rspec (3.10.0)
      rspec-core (~> 3.10.0)
      rspec-expectations (~> 3.10.0)
      rspec-mocks (~> 3.10.0)
    rspec-core (3.10.1)
      rspec-support (~> 3.10.0)
    rspec-expectations (3.10.1)
      diff-lcs (>= 1.2.0, < 2.0)
      rspec-support (~> 3.10.0)
    rspec-mocks (3.10.2)
      diff-lcs (>= 1.2.0, < 2.0)
      rspec-support (~> 3.10.0)
    rspec-support (3.10.2)

PLATFORMS
  ruby

DEPENDENCIES
  docker-api (~> 2.1)
  git
  pry (~> 0.14.0)
  rspec (~> 3.10)

BUNDLED WITH
   2.1.4
