GIT
  remote: https://github.com/trevor-vaughan/docker-api/
  revision: 48c9a9dafc9dc41be37bf262ab67194b765f8311
  branch: podman-compat
  specs:
    docker-api (2.0.0)
      excon (>= 0.47.0)
      multi_json

GEM
  remote: https://rubygems.org/
  specs:
    coderay (1.1.3)
    diff-lcs (1.4.4)
    excon (0.79.0)
    git (1.8.1)
      rchardet (~> 1.8)
    method_source (1.0.0)
    multi_json (1.15.0)
    pry (0.14.0)
      coderay (~> 1.1)
      method_source (~> 1.0)
    rchardet (1.8.0)
    rspec (3.10.0)
      rspec-core (~> 3.10.0)
      rspec-expectations (~> 3.10.0)
      rspec-mocks (~> 3.10.0)
    rspec-core (3.10.1)
      rspec-support (~> 3.10.0)
    rspec-expectations (3.10.1)
      diff-lcs (>= 1.2.0, < 2.0)
      rspec-support (~> 3.10.0)
    rspec-mocks (3.10.2)
      diff-lcs (>= 1.2.0, < 2.0)
      rspec-support (~> 3.10.0)
    rspec-support (3.10.2)

PLATFORMS
  ruby

DEPENDENCIES
  docker-api!
  git
  pry (~> 0.14.0)
  rspec (~> 3.10)

BUNDLED WITH
   2.1.4
